GEM
  remote: https://rubygems.org/
  specs:
    allison (2.0.3)
    diff-lcs (1.2.4)
    echoe (4.6.3)
      allison (>= 2.0.3)
      gemcutter (>= 0.7.0)
      rake (>= 0.9.2)
      rdoc (>= 3.6.1)
      rubyforge (>= 2.0.4)
    eventmachine (1.0.3)
    ffi (1.4.0)
    gemcutter (0.7.1)
    json_pure (1.7.7)
    rake (10.0.3)
    rdoc (4.0.0)
    rspec (2.14.1)
      rspec-core (~> 2.14.0)
      rspec-expectations (~> 2.14.0)
      rspec-mocks (~> 2.14.0)
    rspec-core (2.14.5)
    rspec-expectations (2.14.2)
      diff-lcs (>= 1.1.3, < 2.0)
    rspec-mocks (2.14.3)
    rubyforge (2.0.4)
      json_pure (>= 1.1.7)

PLATFORMS
  ruby

DEPENDENCIES
  echoe
  eventmachine (~> 1.0.3)
  ffi
  rake
  rspec
